GEM
  remote: https://api.rubygems.org/
  specs:
    activesupport (5.2.3)
      concurrent-ruby (~> 1.0, >= 1.0.2)
      i18n (>= 0.7, < 2)
      minitest (~> 5.1)
      tzinfo (~> 1.1)
    addressable (2.6.0)
      public_suffix (>= 2.0.2, < 4.0)
    aws-eventstream (1.0.3)
    aws-partitions (1.174.0)
    aws-sdk-core (3.54.2)
      aws-eventstream (~> 1.0, >= 1.0.2)
      aws-partitions (~> 1.0)
      aws-sigv4 (~> 1.1)
      jmespath (~> 1.0)
    aws-sdk-kms (1.21.0)
      aws-sdk-core (~> 3, >= 3.53.0)
      aws-sigv4 (~> 1.1)
    aws-sdk-s3 (1.42.0)
      aws-sdk-core (~> 3, >= 3.53.0)
      aws-sdk-kms (~> 1)
      aws-sigv4 (~> 1.1)
    aws-sdk-sqs (1.16.0)
      aws-sdk-core (~> 3, >= 3.53.0)
      aws-sigv4 (~> 1.1)
    aws-sigv4 (1.1.0)
      aws-eventstream (~> 1.0, >= 1.0.2)
    concurrent-ruby (1.1.5)
    cool.io (1.5.4)
    declarative (0.0.10)
    declarative-option (0.1.0)
    dig_rb (1.0.1)
    domain_name (0.5.20180417)
      unf (>= 0.0.5, < 1.0.0)
    elasticsearch (7.1.0)
      elasticsearch-api (= 7.1.0)
      elasticsearch-transport (= 7.1.0)
    elasticsearch-api (7.1.0)
      multi_json
    elasticsearch-transport (7.1.0)
      faraday
      multi_json
    excon (0.64.0)
    faraday (0.15.4)
      multipart-post (>= 1.2, < 3)
    ffi (1.11.1)
    fluent-config-regexp-type (1.0.0)
      fluentd (> 1.0.0, < 2)
    fluent-plugin-concat (2.3.0)
      fluentd (>= 0.14.0, < 2)
    fluent-plugin-detect-exceptions (0.0.12)
      fluentd (>= 0.10)
    fluent-plugin-elasticsearch (3.5.2)
      elasticsearch
      excon
      fluentd (>= 0.14.22)
    fluent-plugin-google-cloud (0.7.13)
      fluentd (= 1.4.2)
      google-api-client (= 0.28.4)
      google-cloud-logging (= 1.6.0)
      google-protobuf (= 3.6.1)
      googleapis-common-protos (= 1.3.7)
      googleauth (= 0.8.1)
      grpc (= 1.14.2)
      json (= 2.1.0)
    fluent-plugin-grok-parser (2.5.1)
      fluentd (>= 0.14.6, < 2)
    fluent-plugin-kubernetes_metadata_filter (2.1.6)
      fluentd (>= 0.14.0, < 2)
      kubeclient (~> 1.1.4)
      lru_redux
    fluent-plugin-multi-format-parser (1.0.0)
      fluentd (>= 0.14.0, < 2)
    fluent-plugin-prometheus (1.4.0)
      fluentd (>= 0.14.20, < 2)
      prometheus-client
    fluent-plugin-record-reformer (0.9.1)
      fluentd
    fluent-plugin-rewrite-tag-filter (2.2.0)
      fluent-config-regexp-type
      fluentd (>= 0.14.2, < 2)
    fluent-plugin-s3 (1.1.10)
      aws-sdk-s3 (~> 1.0)
      aws-sdk-sqs (~> 1.0)
      fluentd (>= 0.14.22, < 2)
    fluent-plugin-systemd (1.0.2)
      fluentd (>= 0.14.11, < 2)
      systemd-journal (~> 1.3.2)
    fluentd (1.4.2)
      cool.io (>= 1.4.5, < 2.0.0)
      dig_rb (~> 1.0.0)
      http_parser.rb (>= 0.5.1, < 0.7.0)
      msgpack (>= 0.7.0, < 2.0.0)
      serverengine (>= 2.0.4, < 3.0.0)
      sigdump (~> 0.2.2)
      strptime (>= 0.2.2, < 1.0.0)
      tzinfo (~> 1.0)
      tzinfo-data (~> 1.0)
      yajl-ruby (~> 1.0)
    google-api-client (0.28.4)
      addressable (~> 2.5, >= 2.5.1)
      googleauth (>= 0.5, < 0.10.0)
      httpclient (>= 2.8.1, < 3.0)
      mime-types (~> 3.0)
      representable (~> 3.0)
      retriable (>= 2.0, < 4.0)
      signet (~> 0.10)
    google-cloud-core (1.3.0)
      google-cloud-env (~> 1.0)
    google-cloud-env (1.1.0)
      faraday (~> 0.11)
    google-cloud-logging (1.6.0)
      concurrent-ruby (~> 1.0)
      google-cloud-core (~> 1.2)
      google-gax (~> 1.3)
      googleapis-common-protos-types (>= 1.0.2)
      stackdriver-core (~> 1.3)
    google-gax (1.6.3)
      google-protobuf (~> 3.2)
      googleapis-common-protos (>= 1.3.5, < 2.0)
      googleauth (>= 0.6.2, < 0.10.0)
      grpc (>= 1.7.2, < 2.0)
      rly (~> 0.2.3)
    google-protobuf (3.6.1-x86_64-linux)
    googleapis-common-protos (1.3.7)
      google-protobuf (~> 3.0)
      googleapis-common-protos-types (~> 1.0)
      grpc (~> 1.0)
    googleapis-common-protos-types (1.0.4)
      google-protobuf (~> 3.0)
    googleauth (0.8.1)
      faraday (~> 0.12)
      jwt (>= 1.4, < 3.0)
      memoist (~> 0.16)
      multi_json (~> 1.11)
      os (>= 0.9, < 2.0)
      signet (~> 0.7)
    grpc (1.14.2-x86_64-linux)
      google-protobuf (~> 3.1)
      googleapis-common-protos-types (~> 1.0.0)
    http (0.9.8)
      addressable (~> 2.3)
      http-cookie (~> 1.0)
      http-form_data (~> 1.0.1)
      http_parser.rb (~> 0.6.0)
    http-cookie (1.0.3)
      domain_name (~> 0.5)
    http-form_data (1.0.3)
    http_parser.rb (0.6.0)
    httpclient (2.8.3)
    i18n (1.6.0)
      concurrent-ruby (~> 1.0)
    jmespath (1.4.0)
    json (2.1.0)
    jwt (2.2.1)
    kubeclient (1.1.4)
      activesupport
      http (= 0.9.8)
      recursive-open-struct (= 1.0.0)
      rest-client
    lru_redux (1.1.0)
    memoist (0.16.0)
    mime-types (3.2.2)
      mime-types-data (~> 3.2015)
    mime-types-data (3.2019.0331)
    minitest (5.11.3)
    msgpack (1.2.10)
    multi_json (1.13.1)
    multipart-post (2.1.1)
    netrc (0.11.0)
    oj (3.7.12)
    os (1.0.1)
    prometheus-client (0.9.0)
      quantile (~> 0.2.1)
    public_suffix (3.1.0)
    quantile (0.2.1)
    recursive-open-struct (1.0.0)
    representable (3.0.4)
      declarative (< 0.1.0)
      declarative-option (< 0.2.0)
      uber (< 0.2.0)
    rest-client (2.0.2)
      http-cookie (>= 1.0.2, < 2.0)
      mime-types (>= 1.16, < 4.0)
      netrc (~> 0.8)
    retriable (3.1.2)
    rly (0.2.3)
    serverengine (2.1.1)
      sigdump (~> 0.2.2)
    sigdump (0.2.4)
    signet (0.11.0)
      addressable (~> 2.3)
      faraday (~> 0.9)
      jwt (>= 1.5, < 3.0)
      multi_json (~> 1.10)
    stackdriver-core (1.3.3)
      google-cloud-core (~> 1.2)
    strptime (0.2.3)
    systemd-journal (1.3.3)
      ffi (~> 1.9)
    thread_safe (0.3.6)
    tzinfo (1.2.5)
      thread_safe (~> 0.1)
    tzinfo-data (1.2019.1)
      tzinfo (>= 1.0.0)
    uber (0.1.0)
    unf (0.1.4)
      unf_ext
    unf_ext (0.0.7.6)
    yajl-ruby (1.4.1)

PLATFORMS
  ruby
  x86_64-linux

DEPENDENCIES
  fluent-plugin-concat (~> 2.3.0)
  fluent-plugin-detect-exceptions (~> 0.0.12)
  fluent-plugin-elasticsearch (~> 3.5.2)
  fluent-plugin-google-cloud (~> 0.7.13)
  fluent-plugin-grok-parser (~> 2.5.1)
  fluent-plugin-kubernetes_metadata_filter (~> 2.1.6)
  fluent-plugin-multi-format-parser (~> 1.0.0)
  fluent-plugin-prometheus (~> 1.4.0)
  fluent-plugin-record-reformer (~> 0.9.1)
  fluent-plugin-rewrite-tag-filter (~> 2.2.0)
  fluent-plugin-s3 (~> 1.1.10)
  fluent-plugin-systemd (~> 1.0.2)
  fluentd (= 1.4.2)
  oj (~> 3.7.12)
  systemd-journal (~> 1.3.2)
